GEM
  remote: https://rubygems.org/
  specs:
    rack (2.2.11)

PLATFORMS
  ruby

DEPENDENCIES
  rack (~> 2.2, >= 2.2.11)

BUNDLED WITH
   2.1.4
