GEM
  remote: https://rubygems.org/
  specs:
    cowsay (0.3.0)
    mustermann (1.0.3)
    rack (2.2.11)
    rack-protection (2.0.5)
      rack
    sinatra (2.0.5)
      mustermann (~> 1.0)
      rack (~> 2.0)
      rack-protection (= 2.0.5)
      tilt (~> 2.0)
    tilt (2.0.9)

PLATFORMS
  ruby

DEPENDENCIES
  cowsay (~> 0.3.0)
  rack (~> 2.2, >= 2.2.11)
  sinatra (~> 2.0)

RUBY VERSION
   ruby 2.5.3p105

BUNDLED WITH
   1.17.3
